GEM
  remote: https://rubygems.org/
  specs:
    activesupport (6.1.3)
      concurrent-ruby (~> 1.0, >= 1.0.2)
      i18n (>= 1.6, < 2)
      minitest (>= 5.1)
      tzinfo (~> 2.0)
      zeitwerk (~> 2.3)
    addressable (2.5.2)
      public_suffix (>= 2.0.2, < 4.0)
    coderay (1.1.2)
    concurrent-ruby (1.1.8)
    faraday (0.15.4)
      multipart-post (>= 1.2, < 3)
    i18n (1.8.9)
      concurrent-ruby (~> 1.0)
    memoist (0.11.0)
    method_source (0.9.2)
    minitest (5.14.4)
    multipart-post (2.0.0)
    netrc (0.11.0)
    octokit (4.14.0)
      sawyer (~> 0.8.0, >= 0.5.3)
    polyglot (0.3.5)
    pry (0.12.2)
      coderay (~> 1.1.0)
      method_source (~> 0.9.0)
    public_suffix (3.0.3)
    rake (12.3.3)
    sawyer (0.8.1)
      addressable (>= 2.3.5, < 2.6)
      faraday (~> 0.8, < 1.0)
    slop (3.6.0)
    treetop (1.5.3)
      polyglot (~> 0.3)
    tzinfo (2.0.4)
      concurrent-ruby (~> 1.0)
    xdrgen (0.1.0)
      activesupport (~> 6)
      memoist (~> 0.11.0)
      slop (~> 3.4)
      treetop (~> 1.5.3)
    zeitwerk (2.4.2)

PLATFORMS
  ruby

DEPENDENCIES
  netrc
  octokit
  pry
  rake
  xdrgen

BUNDLED WITH
   2.2.14
