GIT
  remote: git://github.com/stellar/xdrgen.git
  revision: 240cf560ce16ce874c64b211c63629d0336f9867
  specs:
    xdrgen (0.0.1)
      activesupport (~> 5)
      memoist (~> 0.11.0)
      slop (~> 3.4)
      treetop (~> 1.5.3)

GEM
  remote: https://rubygems.org/
  specs:
    activesupport (5.1.4)
      concurrent-ruby (~> 1.0, >= 1.0.2)
      i18n (~> 0.7)
      minitest (~> 5.1)
      tzinfo (~> 1.1)
    addressable (2.3.8)
    coderay (1.1.0)
    concurrent-ruby (1.0.5)
    faraday (0.9.1)
      multipart-post (>= 1.2, < 3)
    i18n (0.8.6)
    memoist (0.11.0)
    method_source (0.8.2)
    minitest (5.10.3)
    multipart-post (2.0.0)
    netrc (0.10.3)
    octokit (4.1.0)
      sawyer (~> 0.6.0, >= 0.5.3)
    polyglot (0.3.5)
    pry (0.10.1)
      coderay (~> 1.1.0)
      method_source (~> 0.8.1)
      slop (~> 3.4)
    sawyer (0.6.0)
      addressable (~> 2.3.5)
      faraday (~> 0.8, < 0.10)
    slop (3.6.0)
    thread_safe (0.3.6)
    treetop (1.5.3)
      polyglot (~> 0.3)
    tzinfo (1.2.3)
      thread_safe (~> 0.1)

PLATFORMS
  ruby

DEPENDENCIES
  netrc
  octokit
  pry
  xdrgen!

BUNDLED WITH
   1.11.2
